GEM
  remote: https://rubygems.org/
  specs:
    json_pure (2.5.1)
    minitar (0.9)
    rake (13.0.3)
    semver (1.0.1)

PLATFORMS
  ruby
  x64-mingw32
  x86_64-darwin-19

DEPENDENCIES
  json_pure (~> 2.5, >= 2.5.1)
  minitar (~> 0.9)
  rake (~> 13.0)
  semver (= 1.0.1)

BUNDLED WITH
   2.2.8
